{
    "Modality": "MR",
    "MagneticFieldStrength": 6.98,
    "Manufacturer": "Siemens",
    "ManufacturersModelName": "Investigational_Device_7T",
    "InstitutionName": "BMMR",
    "InstitutionalDepartmentName": "Department",
    "InstitutionAddress": "Brenneckestr._6_Magdeburg_District_DE_39118",
    "DeviceSerialNumber": "18918",
    "StationName": "PCR7T1-15",
    "PatientPosition": "HFS",
    "ProcedureStepDescription": "renat_VisLay1",
    "SoftwareVersions": "syngo_MR_B17",
    "MRAcquisitionType": "3D",
    "SeriesDescription": "MPRAGE1.0isoMoCoON",
    "ProtocolName": "MPRAGE1.0isoMoCoON",
    "ScanningSequence": "GR_IR",
    "SequenceVariant": "SP_MP",
    "ScanOptions": "IR_PFP",
    "SequenceName": "tfl3d1_ns",
    "ImageType": [
        "ORIGINAL",
        "PRIMARY",
        "M",
        "ND"
    ],
    "SeriesNumber": 5,
    "AcquisitionTime": "10:21:52.755000",
    "AcquisitionNumber": 1,
    "SliceThickness": 1,
    "SAR": 0.0772474,
    "EchoTime": 0.00268,
    "RepetitionTime": 2.3,
    "InversionTime": 1.05,
    "FlipAngle": 5,
    "PartialFourier": 0.875,
    "BaseResolution": 256,
    "ShimSetting": [
        -77,
        -68,
        1006,
        421,
        331,
        -524,
        284,
        237
    ],
    "TxRefAmp": 273,
    "PhaseResolution": 1,
    "ReceiveCoilName": "32Ch_Head_7T",
    "PulseSequenceDetails": "%CustomerSeq%_ps_tfl_xpace",
    "PercentPhaseFOV": 100,
    "PhaseEncodingSteps": 223,
    "AcquisitionMatrixPE": 256,
    "ReconMatrixPE": 256,
    "ParallelReductionFactorInPlane": 2,
    "PixelBandwidth": 150,
    "DwellTime": 1.3e-05,
    "ImageOrientationPatientDICOM": [
        -0.0226873,
        0.999743,
        -1.74166e-08,
        0.0226815,
        0.000514697,
        -0.999743
    ],
    "InPlanePhaseEncodingDirectionDICOM": "ROW",
    "ConversionSoftware": "dcm2niix",
    "ConversionSoftwareVersion": "v1.0.20171215 (OpenJPEG build) GCC7.3.0",
    "Dcm2bidsVersion": "2.1.2"
}