{
	"Modality": "MR",
	"MagneticFieldStrength": 6.98,
	"Manufacturer": "Siemens",
	"ManufacturersModelName": "Investigational_Device_7T",
	"InstitutionName": "BMMR",
	"InstitutionalDepartmentName": "Department",
	"InstitutionAddress": "Brenneckestr._6_Magdeburg_District_DE_39118",
	"DeviceSerialNumber": "18918",
	"StationName": "PCR7T1-15",
	"PatientPosition": "HFS",
	"ProcedureStepDescription": "hmattern_hm_xpace_ToF",
	"SoftwareVersions": "syngo_MR_B17",
	"MRAcquisitionType": "3D",
	"SeriesDescription": "hm_xpace_ToF_0.15",
	"ProtocolName": "hm_xpace_ToF_0.15",
	"ScanningSequence": "GR",
	"SequenceVariant": "TOF_SP",
	"ScanOptions": "PFP_SAT1",
	"SequenceName": "fl3d1r_t80",
	"ImageType": ["ORIGINAL", "PRIMARY", "M", "ND"],
	"SeriesNumber": 7,
	"AcquisitionTime": "18:40:9.227500",
	"AcquisitionNumber": 1,
	"SliceThickness": 0.15,
	"SpacingBetweenSlices": 10.8,
	"SAR": 0.148411,
	"EchoTime": 0.00663,
	"RepetitionTime": 0.035,
	"FlipAngle": 23,
	"PartialFourier": 0.75,
	"BaseResolution": 1296,
	"ShimSetting": [
		-160,
		171,
		68,
		163,
		-85,
		-181,
		-131,
		245	],
	"TxRefAmp": 294,
	"PhaseResolution": 1,
	"ReceiveCoilName": "32Ch_Head_7T",
	"PulseSequenceDetails": "%CustomerSeq%_hm_xpace_ToF",
	"PercentPhaseFOV": 75,
	"PhaseEncodingSteps": 778,
	"AcquisitionMatrixPE": 972,
	"ReconMatrixPE": 1296,
	"PixelBandwidth": 102,
	"DwellTime": 3.8e-06,
	"ImageOrientationPatientDICOM": [
		1,
		-2.05103e-10,
		0,
		2.05103e-10,
		1,
		0	],
	"InPlanePhaseEncodingDirectionDICOM": "ROW",
	"ConversionSoftware": "dcm2niix",
	"ConversionSoftwareVersion": "v1.0.20171215 (OpenJPEG build) GCC7.3.0"
}
