{
    "Modality": "MR",
    "MagneticFieldStrength": 6.98,
    "Manufacturer": "Siemens",
    "ManufacturersModelName": "Investigational_Device_7T",
    "InstitutionName": "IFN_Magdeburg",
    "InstitutionAddress": "Brenneckestr._6_Magdeburg_District_DE_39118",
    "DeviceSerialNumber": "18918",
    "StationName": "pcr7t1-15",
    "PatientPosition": "HFS",
    "ProcedureStepDescription": "zhong_24Channel",
    "SoftwareVersions": "syngo_MR_B15",
    "MRAcquisitionType": "3D",
    "SeriesDescription": "t1_mprage1iso",
    "ProtocolName": "t1_mprage1iso",
    "ScanningSequence": "GR_IR",
    "SequenceVariant": "SP_MP",
    "ScanOptions": "IR_PFP",
    "SequenceName": "_tfl3d1_ns",
    "ImageType": [
        "ORIGINAL",
        "PRIMARY",
        "M",
        "DIS2D"
    ],
    "SeriesNumber": 9,
    "AcquisitionTime": "18:40:54.415000",
    "AcquisitionNumber": 1,
    "SliceThickness": 1,
    "SAR": 0.0590978,
    "EchoTime": 0.00374,
    "RepetitionTime": 2.2,
    "InversionTime": 1.05,
    "FlipAngle": 7,
    "PartialFourier": 0.875,
    "BaseResolution": 256,
    "ShimSetting": [
        -177,
        -16,
        404,
        222,
        49,
        75,
        245,
        177
    ],
    "TxRefAmp": 224.257,
    "PhaseResolution": 1,
    "ReceiveCoilName": "24Ch_Head_7T",
    "PulseSequenceDetails": "%SiemensSeq%_tfl",
    "PercentPhaseFOV": 100,
    "PhaseEncodingSteps": 224,
    "AcquisitionMatrixPE": 256,
    "ReconMatrixPE": 256,
    "PixelBandwidth": 170,
    "DwellTime": 1.15e-05,
    "ImageOrientationPatientDICOM": [
        0,
        1,
        0,
        0,
        0,
        -1
    ],
    "InPlanePhaseEncodingDirectionDICOM": "ROW",
    "ConversionSoftware": "dcm2niix",
    "ConversionSoftwareVersion": "v1.0.20171215 (OpenJPEG build) GCC7.3.0",
    "Dcm2bidsVersion": "2.1.2"
}