{
    "Modality": "MR",
    "MagneticFieldStrength": 6.98,
    "Manufacturer": "Siemens",
    "ManufacturersModelName": "Investigational_Device_7T",
    "InstitutionName": "BMMR",
    "InstitutionalDepartmentName": "Department",
    "InstitutionAddress": "Brenneckestr._6_Magdeburg_District_DE_39118",
    "DeviceSerialNumber": "18918",
    "StationName": "PCR7T1-15",
    "PatientPosition": "HFS",
    "ProcedureStepDescription": "pschulze_DZNE",
    "SoftwareVersions": "syngo_MR_B17",
    "MRAcquisitionType": "3D",
    "SeriesDescription": "fg_ge_0.6iso",
    "ProtocolName": "fg_ge_0.6iso",
    "ScanningSequence": "GR",
    "SequenceVariant": "SP",
    "ScanOptions": "PFP",
    "SequenceName": "tfl3d1_ns",
    "ImageType": [
        "ORIGINAL",
        "PRIMARY",
        "M",
        "ND"
    ],
    "SeriesNumber": 9,
    "AcquisitionTime": "12:49:36.140000",
    "AcquisitionNumber": 1,
    "ImageComments": "smoothed_image",
    "SliceThickness": 0.6,
    "SAR": 0.0147602,
    "EchoTime": 0.0028,
    "RepetitionTime": 1.78,
    "FlipAngle": 5,
    "PartialFourier": 0.875,
    "BaseResolution": 384,
    "ShimSetting": [
        -155,
        -66,
        885,
        592,
        -13,
        -176,
        457,
        422
    ],
    "TxRefAmp": 240,
    "PhaseResolution": 1,
    "ReceiveCoilName": "32Ch_Head_7T",
    "PulseSequenceDetails": "%CustomerSeq%_fg_tfl",
    "PercentPhaseFOV": 100,
    "PhaseEncodingSteps": 335,
    "AcquisitionMatrixPE": 384,
    "ReconMatrixPE": 384,
    "ParallelReductionFactorInPlane": 2,
    "PixelBandwidth": 151,
    "DwellTime": 8.6e-06,
    "ImageOrientationPatientDICOM": [
        0,
        1,
        0,
        0,
        0,
        -1
    ],
    "InPlanePhaseEncodingDirectionDICOM": "ROW",
    "ConversionSoftware": "dcm2niix",
    "ConversionSoftwareVersion": "v1.0.20171215 (OpenJPEG build) GCC7.3.0",
    "Dcm2bidsVersion": "2.1.2"
}