{
    "Modality": "MR",
    "MagneticFieldStrength": 6.98,
    "Manufacturer": "Siemens",
    "ManufacturersModelName": "Investigational_Device_7T",
    "InstitutionName": "IFN_Magdeburg",
    "InstitutionAddress": "Brenneckestr._6_Magdeburg_District_DE_39118",
    "DeviceSerialNumber": "18918",
    "StationName": "pcr7t1-15",
    "PatientPosition": "HFS",
    "ProcedureStepDescription": "godenschweger_24-channel",
    "SoftwareVersions": "syngo_MR_B15",
    "MRAcquisitionType": "3D",
    "SeriesDescription": "t1_mprage2iso",
    "ProtocolName": "t1_mprage2iso",
    "ScanningSequence": "GR_IR",
    "SequenceVariant": "SP_MP",
    "ScanOptions": "IR_PFP",
    "SequenceName": "_tfl3d1_ns",
    "ImageType": [
        "ORIGINAL",
        "PRIMARY",
        "M",
        "ND"
    ],
    "SeriesNumber": 3,
    "AcquisitionTime": "11:47:36.635000",
    "AcquisitionNumber": 1,
    "SliceThickness": 2,
    "SAR": 0.0505299,
    "EchoTime": 0.00276,
    "RepetitionTime": 2.2,
    "InversionTime": 1.05,
    "FlipAngle": 7,
    "PartialFourier": 0.875,
    "BaseResolution": 128,
    "ShimSetting": [
        -168,
        -38,
        441,
        583,
        -20,
        -196,
        -23,
        225
    ],
    "TxRefAmp": 219.574,
    "PhaseResolution": 1,
    "ReceiveCoilName": "24Ch_Head_7T",
    "PulseSequenceDetails": "%SiemensSeq%_tfl",
    "PercentPhaseFOV": 100,
    "PhaseEncodingSteps": 111,
    "AcquisitionMatrixPE": 128,
    "ReconMatrixPE": 128,
    "ParallelReductionFactorInPlane": 2,
    "PixelBandwidth": 230,
    "DwellTime": 1.7e-05,
    "ImageOrientationPatientDICOM": [
        0,
        1,
        0,
        0,
        0,
        -1
    ],
    "InPlanePhaseEncodingDirectionDICOM": "ROW",
    "ConversionSoftware": "dcm2niix",
    "ConversionSoftwareVersion": "v1.0.20171215 (OpenJPEG build) GCC7.3.0",
    "Dcm2bidsVersion": "2.1.2"
}