{
    "Modality": "MR",
    "MagneticFieldStrength": 6.98,
    "Manufacturer": "Siemens",
    "ManufacturersModelName": "Investigational_Device_7T",
    "InstitutionName": "BMMR",
    "InstitutionAddress": "Brenneckestr._6_Magdeburg_District_DE_39118",
    "DeviceSerialNumber": "18918",
    "StationName": "pcr7t1-15",
    "PatientPosition": "HFS",
    "ProcedureStepDescription": "godenschweger_24-channel",
    "SoftwareVersions": "syngo_MR_B15",
    "MRAcquisitionType": "3D",
    "SeriesDescription": "fg_MPRAGE1.2x1.2x2.4",
    "ProtocolName": "fg_MPRAGE1.2x1.2x2.4",
    "ScanningSequence": "GR_IR",
    "SequenceVariant": "SP_MP",
    "ScanOptions": "IR_PFP",
    "SequenceName": "tfl3d1_ns",
    "ImageType": [
        "ORIGINAL",
        "PRIMARY",
        "M",
        "DIS2D"
    ],
    "SeriesNumber": 3,
    "AcquisitionTime": "11:48:44.277500",
    "AcquisitionNumber": 1,
    "ImageComments": "smoothed_image",
    "SliceThickness": 2.45,
    "SAR": 0.0670843,
    "EchoTime": 0.00291,
    "RepetitionTime": 2.6,
    "InversionTime": 1.05,
    "FlipAngle": 8,
    "PartialFourier": 0.875,
    "BaseResolution": 192,
    "ShimSetting": [
        -150,
        126,
        20,
        -207,
        -40,
        -141,
        -236,
        325
    ],
    "TxRefAmp": 227.973,
    "PhaseResolution": 1,
    "ReceiveCoilName": "24Ch_Head_7T",
    "PulseSequenceDetails": "%CustomerSeq%_fg_tfl",
    "PercentPhaseFOV": 100,
    "PhaseEncodingSteps": 168,
    "AcquisitionMatrixPE": 192,
    "ReconMatrixPE": 192,
    "PixelBandwidth": 130,
    "DwellTime": 2e-05,
    "ImageOrientationPatientDICOM": [
        0,
        1,
        0,
        -0.0174524,
        0,
        -0.999848
    ],
    "InPlanePhaseEncodingDirectionDICOM": "ROW",
    "ConversionSoftware": "dcm2niix",
    "ConversionSoftwareVersion": "v1.0.20171215 (OpenJPEG build) GCC7.3.0",
    "Dcm2bidsVersion": "2.1.2"
}