{
    "Modality": "MR",
    "MagneticFieldStrength": 6.98,
    "Manufacturer": "Siemens",
    "ManufacturersModelName": "Investigational_Device_7T",
    "InstitutionName": "IFN_Magdeburg",
    "InstitutionAddress": "Brenneckestr._6_Magdeburg_District_DE_39118",
    "DeviceSerialNumber": "18918",
    "StationName": "pcr7t1-15",
    "PatientPosition": "HFS",
    "ProcedureStepDescription": "zhong_24Channel",
    "SoftwareVersions": "syngo_MR_B15",
    "MRAcquisitionType": "3D",
    "SeriesDescription": "fg_MPRAGE0.5iso",
    "ProtocolName": "fg_MPRAGE0.5iso",
    "ScanningSequence": "GR_IR",
    "SequenceVariant": "SP_MP",
    "ScanOptions": "IR_PFP",
    "SequenceName": "tfl3d1rr_ns",
    "ImageType": [
        "ORIGINAL",
        "PRIMARY",
        "M",
        "DIS2D"
    ],
    "SeriesNumber": 5,
    "AcquisitionTime": "19:30:15.442500",
    "AcquisitionNumber": 1,
    "ImageComments": "smoothed_image",
    "SliceThickness": 1,
    "SAR": 0.0768977,
    "EchoTime": 0.00365,
    "RepetitionTime": 2.2,
    "InversionTime": 1.05,
    "FlipAngle": 7,
    "PartialFourier": 0.875,
    "BaseResolution": 256,
    "ShimSetting": [
        -150,
        126,
        20,
        -207,
        -40,
        -141,
        -236,
        325
    ],
    "TxRefAmp": 225.961,
    "PhaseResolution": 1,
    "ReceiveCoilName": "24Ch_Head_7T",
    "PulseSequenceDetails": "%CustomerSeq%_fg_tfl",
    "PercentPhaseFOV": 100,
    "PhaseEncodingSteps": 224,
    "AcquisitionMatrixPE": 256,
    "ReconMatrixPE": 256,
    "PixelBandwidth": 150,
    "DwellTime": 1.3e-05,
    "ImageOrientationPatientDICOM": [
        -0.0854169,
        0.996345,
        0,
        0,
        0,
        -1
    ],
    "InPlanePhaseEncodingDirectionDICOM": "ROW",
    "ConversionSoftware": "dcm2niix",
    "ConversionSoftwareVersion": "v1.0.20171215 (OpenJPEG build) GCC7.3.0",
    "Dcm2bidsVersion": "2.1.2"
}