{
    "Modality": "MR",
    "MagneticFieldStrength": 6.98,
    "Manufacturer": "Siemens",
    "ManufacturersModelName": "Investigational_Device_7T",
    "InstitutionName": "BMMR",
    "InstitutionalDepartmentName": "Department",
    "InstitutionAddress": "Brenneckestr._6_Magdeburg_District_DE_39118",
    "DeviceSerialNumber": "18918",
    "StationName": "PCR7T1-15",
    "PatientPosition": "HFS",
    "ProcedureStepDescription": "sciarra_MA",
    "SoftwareVersions": "syngo_MR_B17",
    "MRAcquisitionType": "3D",
    "SeriesDescription": "ps_tfl_xpace_1iso_falk_testing",
    "ProtocolName": "ps_tfl_xpace_1iso_falk_testing",
    "ScanningSequence": "GR_IR",
    "SequenceVariant": "SP_MP",
    "ScanOptions": "IR_PFP",
    "SequenceName": "tfl3d1_ns",
    "ImageType": [
        "ORIGINAL",
        "PRIMARY",
        "M",
        "ND"
    ],
    "SeriesNumber": 5,
    "AcquisitionTime": "14:30:48.182500",
    "AcquisitionNumber": 1,
    "SliceThickness": 1,
    "SAR": 0.0434411,
    "EchoTime": 0.00141,
    "RepetitionTime": 3.58,
    "InversionTime": 1.21,
    "FlipAngle": 7,
    "PartialFourier": 0.75,
    "BaseResolution": 256,
    "ShimSetting": [
        -138,
        28,
        856,
        618,
        -19,
        -10,
        7,
        376
    ],
    "TxRefAmp": 245,
    "PhaseResolution": 1,
    "ReceiveCoilName": "32Ch_Head_7T",
    "PulseSequenceDetails": "%CustomerSeq%_ps_tfl_xpace",
    "PercentPhaseFOV": 100,
    "PhaseEncodingSteps": 191,
    "AcquisitionMatrixPE": 256,
    "ReconMatrixPE": 256,
    "ParallelReductionFactorInPlane": 2,
    "PixelBandwidth": 444,
    "DwellTime": 4.4e-06,
    "ImageOrientationPatientDICOM": [
        0,
        1,
        0,
        0,
        0,
        -1
    ],
    "InPlanePhaseEncodingDirectionDICOM": "ROW",
    "ConversionSoftware": "dcm2niix",
    "ConversionSoftwareVersion": "v1.0.20171215 (OpenJPEG build) GCC7.3.0",
    "Dcm2bidsVersion": "2.1.2"
}