{
	"Modality": "MR",
	"MagneticFieldStrength": 6.98,
	"ImagingFrequency": 297.17,
	"Manufacturer": "Siemens",
	"ManufacturersModelName": "Investigational_Device_7T",
	"InstitutionName": "BMMR",
	"InstitutionalDepartmentName": "Department",
	"InstitutionAddress": "Brenneckestr._6_Magdeburg_District_DE_39118",
	"DeviceSerialNumber": "18918",
	"StationName": "PCR7T1-15",
	"PatientPosition": "HFS",
	"ProcedureStepDescription": "hmattern_Stuff",
	"SoftwareVersions": "syngo_MR_B17",
	"MRAcquisitionType": "3D",
	"SeriesDescription": "hmT1_ON_0.7iso",
	"ProtocolName": "hmT1_ON_0.7iso",
	"ScanningSequence": "GR_IR",
	"SequenceVariant": "SP_MP",
	"ScanOptions": "IR",
	"SequenceName": "tfl3d1_ns",
	"ImageType": ["ORIGINAL", "PRIMARY", "M", "ND"],
	"SeriesNumber": 5,
	"AcquisitionTime": "11:03:48.095000",
	"AcquisitionNumber": 1,
	"SliceThickness": 0.7,
	"SAR": 0.129631,
	"EchoTime": 0.00218,
	"RepetitionTime": 2.5,
	"InversionTime": 1.05,
	"FlipAngle": 5,
	"PartialFourier": 1,
	"BaseResolution": 320,
	"ShimSetting": [
		70,
		-106,
		878,
		335,
		-49,
		-81,
		132,
		200	],
	"TxRefAmp": 263,
	"PhaseResolution": 1,
	"ReceiveCoilName": "32Ch_Head_7T",
	"CoilString": "C:A32",
	"PulseSequenceDetails": "%CustomerSeq%_xpace_tfl_20170101",
	"PercentPhaseFOV": 100,
	"PhaseEncodingSteps": 320,
	"AcquisitionMatrixPE": 320,
	"ReconMatrixPE": 320,
	"PixelBandwidth": 434,
	"DwellTime": 3.6e-06,
	"ImageOrientationPatientDICOM": [
		0,
		1,
		0,
		0,
		0,
		-1	],
	"InPlanePhaseEncodingDirectionDICOM": "ROW",
	"ConversionSoftware": "dcm2niix",
	"ConversionSoftwareVersion": "v1.0.20190902"
}
