{
    "Modality": "MR",
    "MagneticFieldStrength": 6.98,
    "Manufacturer": "Siemens",
    "ManufacturersModelName": "Investigational_Device_7T",
    "InstitutionName": "IFN_Magdeburg",
    "InstitutionAddress": "Brenneckestr._6_Magdeburg_District_DE_39118",
    "DeviceSerialNumber": "18918",
    "StationName": "pcr7t1-15",
    "PatientPosition": "HFS",
    "ProcedureStepDescription": "zhong_24Channel",
    "SoftwareVersions": "syngo_MR_B15",
    "MRAcquisitionType": "3D",
    "SeriesDescription": "fg_MPRAGE0.5iso",
    "ProtocolName": "fg_MPRAGE0.5iso",
    "ScanningSequence": "GR_IR",
    "SequenceVariant": "SP_MP",
    "ScanOptions": "IR_PFP",
    "SequenceName": "tfl3d1_ns",
    "ImageType": [
        "ORIGINAL",
        "PRIMARY",
        "M",
        "DIS2D"
    ],
    "SeriesNumber": 6,
    "AcquisitionTime": "18:05:48.677500",
    "AcquisitionNumber": 1,
    "ImageComments": "smoothed_image",
    "SliceThickness": 0.5,
    "SAR": 0.0870777,
    "EchoTime": 0.00296,
    "RepetitionTime": 2.7,
    "InversionTime": 1.05,
    "FlipAngle": 8,
    "PartialFourier": 0.875,
    "BaseResolution": 448,
    "ShimSetting": [
        -150,
        126,
        20,
        -207,
        -40,
        -141,
        -236,
        325
    ],
    "TxRefAmp": 224.257,
    "PhaseResolution": 1,
    "ReceiveCoilName": "24Ch_Head_7T",
    "PulseSequenceDetails": "%CustomerSeq%_fg_tfl",
    "PercentPhaseFOV": 100,
    "PhaseEncodingSteps": 392,
    "AcquisitionMatrixPE": 448,
    "ReconMatrixPE": 448,
    "PixelBandwidth": 150,
    "DwellTime": 7.4e-06,
    "ImageOrientationPatientDICOM": [
        0,
        1,
        0,
        0,
        0,
        -1
    ],
    "InPlanePhaseEncodingDirectionDICOM": "ROW",
    "ConversionSoftware": "dcm2niix",
    "ConversionSoftwareVersion": "v1.0.20171215 (OpenJPEG build) GCC7.3.0",
    "Dcm2bidsVersion": "2.1.2"
}