{
    "Modality": "MR",
    "MagneticFieldStrength": 6.98,
    "Manufacturer": "Siemens",
    "ManufacturersModelName": "Investigational_Device_7T",
    "InstitutionName": "BMMR",
    "InstitutionalDepartmentName": "Department",
    "InstitutionAddress": "Brenneckestr._6_Magdeburg_District_DE_39118",
    "DeviceSerialNumber": "18918",
    "StationName": "PCR7T1-15",
    "PatientPosition": "HFS",
    "ProcedureStepDescription": "Luesebrink_In_vivo",
    "SoftwareVersions": "syngo_MR_B17",
    "MRAcquisitionType": "3D",
    "SeriesDescription": "gre_1iso_MPT_IRB",
    "ProtocolName": "gre_1iso_MPT_IRB",
    "ScanningSequence": "GR_IR",
    "SequenceVariant": "SP_MP",
    "ScanOptions": "IR",
    "SequenceName": "tfl3d1_ns",
    "ImageType": [
        "ORIGINAL",
        "PRIMARY",
        "M",
        "ND"
    ],
    "SeriesNumber": 12,
    "AcquisitionTime": "15:21:10.892500",
    "AcquisitionNumber": 1,
    "SliceThickness": 1,
    "SAR": 0.0191026,
    "EchoTime": 0.00139,
    "RepetitionTime": 1.39,
    "InversionTime": 1.05,
    "FlipAngle": 5,
    "PartialFourier": 1,
    "BaseResolution": 224,
    "ShimSetting": [
        13,
        43,
        746,
        447,
        157,
        -574,
        17,
        45
    ],
    "TxRefAmp": 278,
    "PhaseResolution": 1,
    "ReceiveCoilName": "32Ch_Head_7T",
    "PulseSequenceDetails": "%CustomerSeq%_fg_xpace_tfl",
    "PercentPhaseFOV": 100,
    "PhaseEncodingSteps": 224,
    "AcquisitionMatrixPE": 224,
    "ReconMatrixPE": 224,
    "PixelBandwidth": 399,
    "DwellTime": 5.6e-06,
    "ImageOrientationPatientDICOM": [
        0,
        1,
        0,
        0,
        0,
        -1
    ],
    "InPlanePhaseEncodingDirectionDICOM": "ROW",
    "ConversionSoftware": "dcm2niix",
    "ConversionSoftwareVersion": "v1.0.20171215 (OpenJPEG build) GCC7.3.0",
    "Dcm2bidsVersion": "2.1.2"
}