{
	"Modality": "MR",
	"MagneticFieldStrength": 6.98,
	"Manufacturer": "Siemens",
	"ManufacturersModelName": "Investigational_Device_7T",
	"InstitutionName": "IFN_Magdeburg",
	"InstitutionalDepartmentName": "Department",
	"InstitutionAddress": "Brenneckestr._6_Magdeburg_District_DE_39118",
	"DeviceSerialNumber": "18918",
	"PatientPosition": "HFS",
	"SoftwareVersions": "syngo_MR_B17",
	"MRAcquisitionType": "3D",
	"SeriesDescription": "mprage_xpace_0.25iso_testing_RR",
	"ProtocolName": "mprage_xpace_0.25iso_testing",
	"ScanningSequence": "GR_IR",
	"SequenceVariant": "SP_MP",
	"ScanOptions": "IR",
	"SequenceName": "tfl3d1_ns",
	"ImageType": ["ORIGINAL", "PRIMARY", "M", "ND"],
	"SeriesNumber": 7,
	"AcquisitionTime": "12:17:12.707500",
	"AcquisitionNumber": 1,
	"ImageComments": "yv98_3681_19660101_yv98_3681_2",
	"SliceThickness": 0.25,
	"EchoTime": 0.00241,
	"RepetitionTime": 3.58,
	"InversionTime": 1.21,
	"FlipAngle": 5,
	"PartialFourier": 1,
	"BaseResolution": 880,
	"ShimSetting": [
		-119,
		-6,
		965,
		414,
		330,
		-413,
		122,
		244	],
	"TxRefAmp": 263,
	"PhaseResolution": 1,
	"ReceiveCoilName": "32Ch_Head_7T",
	"PulseSequenceDetails": "%CustomerSeq%_ps_tfl_xpace",
	"PercentPhaseFOV": 100,
	"PhaseEncodingSteps": 880,
	"AcquisitionMatrixPE": 880,
	"ReconMatrixPE": 880,
	"PixelBandwidth": 437,
	"DwellTime": 1.3e-06,
	"ImageOrientationPatientDICOM": [
		0,
		1,
		0,
		0,
		0,
		-1	],
	"InPlanePhaseEncodingDirectionDICOM": "ROW",
	"ConversionSoftware": "dcm2niix",
	"ConversionSoftwareVersion": "v1.0.20171215 (OpenJPEG build) GCC7.3.0"
}
