{
    "Modality": "MR",
    "MagneticFieldStrength": 6.98,
    "Manufacturer": "Siemens",
    "ManufacturersModelName": "Investigational_Device_7T",
    "InstitutionName": "BMMR",
    "InstitutionalDepartmentName": "Department",
    "InstitutionAddress": "Brenneckestr._6_Magdeburg_District_DE_39118",
    "DeviceSerialNumber": "18918",
    "StationName": "PCR7T1-15",
    "PatientPosition": "HFS",
    "ProcedureStepDescription": "hmattern_Stuff",
    "SoftwareVersions": "syngo_MR_B17",
    "MRAcquisitionType": "3D",
    "SeriesDescription": "MPRAGE_T1_0.5iso_UseAutoAlign_CreatePoslock",
    "ProtocolName": "MPRAGE_T1_0.5iso_UseAutoAlign_CreatePoslock",
    "ScanningSequence": "GR_IR",
    "SequenceVariant": "SP_MP",
    "ScanOptions": "IR",
    "SequenceName": "tfl3d1_ns",
    "ImageType": [
        "ORIGINAL",
        "PRIMARY",
        "M",
        "ND"
    ],
    "SeriesNumber": 5,
    "AcquisitionTime": "17:04:36.682500",
    "AcquisitionNumber": 1,
    "SliceThickness": 0.5,
    "SAR": 0.149749,
    "EchoTime": 0.003,
    "RepetitionTime": 2.7,
    "InversionTime": 1.2,
    "FlipAngle": 7,
    "PartialFourier": 1,
    "BaseResolution": 448,
    "ShimSetting": [
        20,
        -130,
        899,
        183,
        165,
        4,
        56,
        182
    ],
    "TxRefAmp": 259,
    "PhaseResolution": 1,
    "ReceiveCoilName": "32Ch_Head_7T",
    "PulseSequenceDetails": "%CustomerSeq%_xpace_tfl_20170101",
    "PercentPhaseFOV": 100,
    "PhaseEncodingSteps": 448,
    "AcquisitionMatrixPE": 448,
    "ReconMatrixPE": 448,
    "PixelBandwidth": 272,
    "DwellTime": 4.1e-06,
    "ImageOrientationPatientDICOM": [
        0,
        1,
        0,
        0,
        0,
        -1
    ],
    "InPlanePhaseEncodingDirectionDICOM": "ROW",
    "ConversionSoftware": "dcm2niix",
    "ConversionSoftwareVersion": "v1.0.20171215 (OpenJPEG build) GCC7.3.0",
    "Dcm2bidsVersion": "2.1.2"
}