{
    "Modality": "MR",
    "MagneticFieldStrength": 6.98,
    "Manufacturer": "Siemens",
    "ManufacturersModelName": "Investigational_Device_7T",
    "InstitutionName": "LIN",
    "InstitutionalDepartmentName": "Department",
    "InstitutionAddress": "Brenneckestr._6_Magdeburg_District_DE_39118",
    "DeviceSerialNumber": "18918",
    "StationName": "PCR7T1-15",
    "PatientPosition": "HFS",
    "ProcedureStepDescription": "Studies_Andre_Brechmann",
    "SoftwareVersions": "syngo_MR_B17",
    "MRAcquisitionType": "3D",
    "SeriesDescription": "fg_MPRAGE0.8iso_ND",
    "ProtocolName": "fg_MPRAGE0.8iso",
    "ScanningSequence": "GR_IR",
    "SequenceVariant": "SP_MP",
    "ScanOptions": "IR_PFP",
    "SequenceName": "tfl3d1_ns",
    "ImageType": [
        "ORIGINAL",
        "PRIMARY",
        "M",
        "ND"
    ],
    "SeriesNumber": 6,
    "AcquisitionTime": "09:08:51.685000",
    "AcquisitionNumber": 1,
    "ImageComments": "smoothed_image",
    "SliceThickness": 0.8,
    "SAR": 0.100584,
    "EchoTime": 0.00273,
    "RepetitionTime": 2.3,
    "InversionTime": 1.05,
    "FlipAngle": 5,
    "PartialFourier": 0.875,
    "BaseResolution": 320,
    "ShimSetting": [
        58,
        -140,
        867,
        276,
        132,
        -359,
        53,
        137
    ],
    "TxRefAmp": 262,
    "PhaseResolution": 1,
    "ReceiveCoilName": "32Ch_Head_7T",
    "PulseSequenceDetails": "%CustomerSeq%_fg_tfl_20170104",
    "PercentPhaseFOV": 100,
    "PhaseEncodingSteps": 279,
    "AcquisitionMatrixPE": 320,
    "ReconMatrixPE": 320,
    "ParallelReductionFactorInPlane": 2,
    "PixelBandwidth": 150,
    "DwellTime": 1.04e-05,
    "ImageOrientationPatientDICOM": [
        -0.00100899,
        0.996566,
        -0.0827984,
        -0.0275354,
        -0.0827947,
        -0.996186
    ],
    "InPlanePhaseEncodingDirectionDICOM": "ROW",
    "ConversionSoftware": "dcm2niix",
    "ConversionSoftwareVersion": "v1.0.20171215 (OpenJPEG build) GCC7.3.0",
    "Dcm2bidsVersion": "2.1.2"
}