{
    "Modality": "MR",
    "MagneticFieldStrength": 6.98,
    "Manufacturer": "Siemens",
    "ManufacturersModelName": "Investigational_Device_7T",
    "InstitutionName": "BMMR",
    "InstitutionalDepartmentName": "Department",
    "InstitutionAddress": "Brenneckestr._6_Magdeburg_District_DE_39118",
    "DeviceSerialNumber": "18918",
    "StationName": "PCR7T1-15",
    "PatientPosition": "HFS",
    "ProcedureStepDescription": "sciarra_MA",
    "SoftwareVersions": "syngo_MR_B17",
    "MRAcquisitionType": "3D",
    "SeriesDescription": "T1_0.45iso_ON",
    "ProtocolName": "T1_0.45iso_ON",
    "ScanningSequence": "GR_IR",
    "SequenceVariant": "SP_MP",
    "ScanOptions": "IR",
    "SequenceName": "tfl3d1_ns",
    "ImageType": [
        "ORIGINAL",
        "PRIMARY",
        "M",
        "DIS2D"
    ],
    "SeriesNumber": 13,
    "AcquisitionTime": "16:17:16.435000",
    "AcquisitionNumber": 1,
    "SliceThickness": 0.45,
    "SAR": 0.070686,
    "EchoTime": 0.00279,
    "RepetitionTime": 2.83,
    "InversionTime": 1.05,
    "FlipAngle": 5,
    "PartialFourier": 1,
    "BaseResolution": 528,
    "ShimSetting": [
        -186,
        121,
        830,
        466,
        135,
        -601,
        -51,
        132
    ],
    "TxRefAmp": 284,
    "PhaseResolution": 1,
    "ReceiveCoilName": "32Ch_Head_7T",
    "PulseSequenceDetails": "%CustomerSeq%_ps_tfl_xpace",
    "PercentPhaseFOV": 100,
    "PhaseEncodingSteps": 527,
    "AcquisitionMatrixPE": 528,
    "ReconMatrixPE": 528,
    "ParallelReductionFactorInPlane": 2,
    "PixelBandwidth": 172,
    "DwellTime": 5.5e-06,
    "ImageOrientationPatientDICOM": [
        0,
        1,
        0,
        0,
        0,
        -1
    ],
    "InPlanePhaseEncodingDirectionDICOM": "ROW",
    "ConversionSoftware": "dcm2niix",
    "ConversionSoftwareVersion": "v1.0.20171215 (OpenJPEG build) GCC7.3.0",
    "Dcm2bidsVersion": "2.1.2"
}