{
    "Modality": "MR",
    "MagneticFieldStrength": 6.98,
    "Manufacturer": "Siemens",
    "ManufacturersModelName": "Investigational_Device_7T",
    "InstitutionName": "BMMR",
    "InstitutionalDepartmentName": "Department",
    "InstitutionAddress": "Brenneckestr._6_Magdeburg_District_DE_39118",
    "DeviceSerialNumber": "18918",
    "StationName": "PCR7T1-15",
    "PatientPosition": "HFS",
    "ProcedureStepDescription": "stucht_32-channel",
    "SoftwareVersions": "syngo_MR_B17",
    "MRAcquisitionType": "3D",
    "SeriesDescription": "mprage_xpace_1iso",
    "ProtocolName": "mprage_xpace_1iso",
    "ScanningSequence": "GR_IR",
    "SequenceVariant": "SP_MP",
    "ScanOptions": "IR_PFP",
    "SequenceName": "tfl3d1_ns",
    "ImageType": [
        "ORIGINAL",
        "PRIMARY",
        "M",
        "ND"
    ],
    "SeriesNumber": 5,
    "AcquisitionTime": "12:58:45.927500",
    "AcquisitionNumber": 1,
    "SliceThickness": 1,
    "SAR": 0.0748947,
    "EchoTime": 0.00297,
    "RepetitionTime": 1.8,
    "InversionTime": 1.05,
    "FlipAngle": 5,
    "PartialFourier": 0.75,
    "BaseResolution": 208,
    "ShimSetting": [
        50,
        -166,
        672,
        610,
        -122,
        -280,
        10,
        243
    ],
    "TxRefAmp": 244,
    "PhaseResolution": 1,
    "ReceiveCoilName": "32Ch_Head_7T",
    "PulseSequenceDetails": "%CustomerSeq%_ps_tfl_xpace",
    "PercentPhaseFOV": 100,
    "PhaseEncodingSteps": 155,
    "AcquisitionMatrixPE": 208,
    "ReconMatrixPE": 208,
    "ParallelReductionFactorInPlane": 3,
    "PixelBandwidth": 130,
    "DwellTime": 1.85e-05,
    "ImageOrientationPatientDICOM": [
        0,
        1,
        0,
        0,
        0,
        -1
    ],
    "InPlanePhaseEncodingDirectionDICOM": "ROW",
    "ConversionSoftware": "dcm2niix",
    "ConversionSoftwareVersion": "v1.0.20171215 (OpenJPEG build) GCC7.3.0",
    "Dcm2bidsVersion": "2.1.2"
}