{
	"Modality": "MR",
	"MagneticFieldStrength": 6.98,
	"Manufacturer": "Siemens",
	"ManufacturersModelName": "Investigational_Device_7T",
	"InstitutionName": "BMMR",
	"InstitutionalDepartmentName": "Department",
	"InstitutionAddress": "Brenneckestr._6_Magdeburg_District_DE_39118",
	"DeviceSerialNumber": "18918",
	"StationName": "PCR7T1-15",
	"PatientPosition": "HFS",
	"ProcedureStepDescription": "Luesebrink_SciDatExt",
	"SoftwareVersions": "syngo_MR_B17",
	"MRAcquisitionType": "3D",
	"SeriesDescription": "hmT10.7iso_FA5_1_UseAutoAlign_CreatePoslock",
	"ProtocolName": "hmT10.7iso_FA5_1_UseAutoAlign_CreatePoslock",
	"ScanningSequence": "GR_IR",
	"SequenceVariant": "SP_MP",
	"ScanOptions": "IR",
	"SequenceName": "tfl3d1_ns",
	"ImageType": ["ORIGINAL", "PRIMARY", "M", "ND"],
	"SeriesNumber": 6,
	"AcquisitionTime": "13:45:29.467500",
	"AcquisitionNumber": 1,
	"SliceThickness": 0.7,
	"SAR": 0.129559,
	"EchoTime": 0.00255,
	"RepetitionTime": 2.5,
	"InversionTime": 1.05,
	"FlipAngle": 5,
	"PartialFourier": 1,
	"BaseResolution": 320,
	"ShimSetting": [
		-7,
		-65,
		881,
		292,
		80,
		-199,
		-72,
		112	],
	"TxRefAmp": 256,
	"PhaseResolution": 1,
	"ReceiveCoilName": "32Ch_Head_7T",
	"PulseSequenceDetails": "%CustomerSeq%_xpace_tfl_20170101",
	"PercentPhaseFOV": 100,
	"PhaseEncodingSteps": 320,
	"AcquisitionMatrixPE": 320,
	"ReconMatrixPE": 320,
	"PixelBandwidth": 319,
	"DwellTime": 4.9e-06,
	"ImageOrientationPatientDICOM": [
		-0.0464666,
		0.998086,
		-0.0408094,
		-0.0568134,
		-0.043428,
		-0.99744	],
	"InPlanePhaseEncodingDirectionDICOM": "ROW",
	"ConversionSoftware": "dcm2niix",
	"ConversionSoftwareVersion": "v1.0.20171215 (OpenJPEG build) GCC7.3.0"
}
