{
    "Modality": "MR",
    "MagneticFieldStrength": 6.98,
    "Manufacturer": "Siemens",
    "ManufacturersModelName": "Investigational_Device_7T",
    "InstitutionName": "LIN",
    "InstitutionalDepartmentName": "Department",
    "InstitutionAddress": "Brenneckestr._6_Magdeburg_District_DE_39118",
    "DeviceSerialNumber": "18918",
    "StationName": "PCR7T1-15",
    "PatientPosition": "HFS",
    "SoftwareVersions": "syngo_MR_B17",
    "MRAcquisitionType": "3D",
    "SeriesDescription": "cor_1mm",
    "ProtocolName": "fg_MPRAGE1.0iso_neu",
    "ScanningSequence": "GR_IR",
    "SequenceVariant": "SP_MP",
    "ScanOptions": "IR_PFP",
    "SequenceName": "tfl3d1_ns",
    "ImageType": [
        "DERIVED",
        "SECONDARY",
        "MPR",
        "CSA",
        "MPR",
        "CSAPARALLEL",
        "M",
        "ND"
    ],
    "RawImage": false,
    "SeriesNumber": 101,
    "AcquisitionTime": "11:43:56.737500",
    "AcquisitionNumber": 1,
    "ImageComments": "smoothed_image",
    "SliceThickness": 1,
    "SAR": 0.132355,
    "EchoTime": 0.00254,
    "RepetitionTime": 1.7,
    "InversionTime": 1.05,
    "FlipAngle": 5,
    "PercentPhaseFOV": 100,
    "PhaseEncodingSteps": 223,
    "AcquisitionMatrixPE": 256,
    "ReconMatrixPE": 256,
    "PixelBandwidth": 160,
    "ImageOrientationPatientDICOM": [
        0.997825,
        0.0526868,
        -0.0396247,
        -0.0352079,
        -0.082268,
        -0.995988
    ],
    "InPlanePhaseEncodingDirectionDICOM": "ROW",
    "ConversionSoftware": "dcm2niix",
    "ConversionSoftwareVersion": "v1.0.20171215 (OpenJPEG build) GCC7.3.0",
    "Dcm2bidsVersion": "2.1.2"
}