{
    "Modality": "MR",
    "MagneticFieldStrength": 6.98,
    "Manufacturer": "Siemens",
    "ManufacturersModelName": "Investigational_Device_7T",
    "InstitutionName": "BMMR",
    "InstitutionalDepartmentName": "Department",
    "InstitutionAddress": "Brenneckestr._6_Magdeburg_District_DE_39118",
    "DeviceSerialNumber": "18918",
    "StationName": "PCR7T1-15",
    "PatientPosition": "HFS",
    "ProcedureStepDescription": "pschulze_32-channel",
    "SoftwareVersions": "syngo_MR_B17",
    "MRAcquisitionType": "3D",
    "SeriesDescription": "ge1iso",
    "ProtocolName": "ge1iso",
    "ScanningSequence": "GR",
    "SequenceVariant": "SP",
    "ScanOptions": "PFP",
    "SequenceName": "tfl3d1_ns",
    "ImageType": [
        "ORIGINAL",
        "PRIMARY",
        "M",
        "DIS2D"
    ],
    "SeriesNumber": 6,
    "AcquisitionTime": "09:53:59.065000",
    "AcquisitionNumber": 1,
    "ImageComments": "smoothed_image",
    "SliceThickness": 1,
    "SAR": 0.0276222,
    "EchoTime": 0.00244,
    "RepetitionTime": 1.02,
    "FlipAngle": 5,
    "PartialFourier": 0.875,
    "BaseResolution": 256,
    "ShimSetting": [
        -137,
        -108,
        837,
        1013,
        -56,
        -684,
        270,
        349
    ],
    "TxRefAmp": 290,
    "PhaseResolution": 1,
    "ReceiveCoilName": "32Ch_Head_7T",
    "PulseSequenceDetails": "%CustomerSeq%_fg_tfl",
    "PercentPhaseFOV": 100,
    "PhaseEncodingSteps": 223,
    "AcquisitionMatrixPE": 256,
    "ReconMatrixPE": 256,
    "ParallelReductionFactorInPlane": 3,
    "PixelBandwidth": 170,
    "DwellTime": 1.15e-05,
    "ImageOrientationPatientDICOM": [
        0,
        1,
        0,
        0,
        0,
        -1
    ],
    "InPlanePhaseEncodingDirectionDICOM": "ROW",
    "ConversionSoftware": "dcm2niix",
    "ConversionSoftwareVersion": "v1.0.20171215 (OpenJPEG build) GCC7.3.0",
    "Dcm2bidsVersion": "2.1.2"
}