{
	"Modality": "MR",
	"MagneticFieldStrength": 6.98,
	"Manufacturer": "Siemens",
	"ManufacturersModelName": "Investigational_Device_7T",
	"InstitutionName": "BMMR",
	"InstitutionalDepartmentName": "Department",
	"InstitutionAddress": "Brenneckestr._6_Magdeburg_District_DE_39118",
	"DeviceSerialNumber": "18918",
	"StationName": "PCR7T1-15",
	"PatientPosition": "HFS",
	"ProcedureStepDescription": "hmattern_DZNE",
	"SoftwareVersions": "syngo_MR_B17",
	"MRAcquisitionType": "3D",
	"SeriesDescription": "T2_0.45iso_ON",
	"ProtocolName": "T2_0.45iso_ON",
	"ScanningSequence": "SE",
	"SequenceVariant": "SK_SP_OSP",
	"ScanOptions": "PFP",
	"SequenceName": "spc3d1_173ns",
	"ImageType": ["ORIGINAL", "PRIMARY", "M", "ND"],
	"SeriesNumber": 9,
	"AcquisitionTime": "11:40:2.710000",
	"AcquisitionNumber": 1,
	"SliceThickness": 0.45,
	"SAR": 0.154609,
	"EchoTime": 0.175,
	"RepetitionTime": 5.2,
	"FlipAngle": 120,
	"PartialFourier": 1,
	"BaseResolution": 448,
	"ShimSetting": [
		-141,
		-58,
		968,
		297,
		320,
		-607,
		-31,
		262	],
	"TxRefAmp": 266,
	"PhaseResolution": 1.01116,
	"ReceiveCoilName": "32Ch_Head_7T",
	"PulseSequenceDetails": "%CustomerSeq%_herbstm_tse_vfl_x2pace",
	"PercentPhaseFOV": 100,
	"EchoTrainLength": 173,
	"PhaseEncodingSteps": 308,
	"AcquisitionMatrixPE": 453,
	"ReconMatrixPE": 448,
	"ParallelReductionFactorInPlane": 3,
	"PixelBandwidth": 531,
	"DwellTime": 2.1e-06,
	"ImageOrientationPatientDICOM": [
		0,
		1,
		0,
		0,
		0,
		-1	],
	"InPlanePhaseEncodingDirectionDICOM": "ROW",
	"ConversionSoftware": "dcm2niix",
	"ConversionSoftwareVersion": "v1.0.20171215 (OpenJPEG build) GCC7.3.0"
}
