{
	"Modality": "MR",
	"MagneticFieldStrength": 6.98,
	"Manufacturer": "Siemens",
	"ManufacturersModelName": "Investigational_Device_7T",
	"InstitutionName": "BMMR",
	"InstitutionalDepartmentName": "Department",
	"InstitutionAddress": "Brenneckestr._6_Magdeburg_District_DE_39118",
	"DeviceSerialNumber": "18918",
	"StationName": "PCR7T1-15",
	"PatientPosition": "HFS",
	"ProcedureStepDescription": "hmattern_SWI",
	"SoftwareVersions": "syngo_MR_B17",
	"MRAcquisitionType": "3D",
	"SeriesDescription": "SWI_0.33iso",
	"ProtocolName": "SWI_0.33iso",
	"ScanningSequence": "GR",
	"SequenceVariant": "SP",
	"ScanOptions": "PFP",
	"SequenceName": "fl3d1r",
	"ImageType": ["ORIGINAL", "PRIMARY", "M", "ND"],
	"SeriesNumber": 6,
	"AcquisitionTime": "16:36:48.145000",
	"AcquisitionNumber": 1,
	"SliceThickness": 0.33,
	"SpacingBetweenSlices": 0.33,
	"SAR": 0.0312846,
	"EchoTime": 0.00909,
	"RepetitionTime": 0.02,
	"FlipAngle": 10,
	"PartialFourier": 0.75,
	"BaseResolution": 608,
	"ShimSetting": [
		-195,
		102,
		734,
		583,
		14,
		-203,
		-114,
		229	],
	"TxRefAmp": 291,
	"PhaseResolution": 1,
	"ReceiveCoilName": "32Ch_Head_7T",
	"PulseSequenceDetails": "%CustomerSeq%_mz_gre_xpace",
	"PercentPhaseFOV": 82.8947,
	"PhaseEncodingSteps": 378,
	"AcquisitionMatrixPE": 504,
	"ReconMatrixPE": 608,
	"PixelBandwidth": 131,
	"DwellTime": 6.3e-06,
	"ImageOrientationPatientDICOM": [
		1,
		-2.05103e-10,
		0,
		2.05103e-10,
		1,
		0	],
	"InPlanePhaseEncodingDirectionDICOM": "ROW",
	"ConversionSoftware": "dcm2niix",
	"ConversionSoftwareVersion": "v1.0.20171215 (OpenJPEG build) GCC7.3.0"
}
