{
    "Modality": "MR",
    "MagneticFieldStrength": 6.98,
    "Manufacturer": "Siemens",
    "ManufacturersModelName": "Investigational_Device_7T",
    "InstitutionName": "BMMR",
    "InstitutionalDepartmentName": "Department",
    "InstitutionAddress": "Brenneckestr._6_Magdeburg_District_DE_39118",
    "DeviceSerialNumber": "18918",
    "StationName": "PCR7T1-15",
    "PatientPosition": "HFS",
    "ProcedureStepDescription": "hmattern_forJulio",
    "SoftwareVersions": "syngo_MR_B17",
    "MRAcquisitionType": "3D",
    "SeriesDescription": "wip900-MP2RAGE_WB_1.0iso_UNI_Images",
    "ProtocolName": "wip900-MP2RAGE_WB_1.0iso",
    "ScanningSequence": "GR_IR",
    "SequenceVariant": "SP_MP",
    "ScanOptions": "IR_PFP",
    "SequenceName": "tfl3d1_ns",
    "ImageType": [
        "ORIGINAL",
        "PRIMARY",
        "M",
        "ND",
        "UNI"
    ],
    "SeriesNumber": 12,
    "AcquisitionTime": "10:16:34.857500",
    "AcquisitionNumber": 1,
    "ImageComments": "MP2RAGE_UNIFORM_NCC",
    "SliceThickness": 1,
    "SAR": 0.158268,
    "EchoTime": 0.00191,
    "RepetitionTime": 4.73,
    "PartialFourier": 0.75,
    "BaseResolution": 220,
    "ShimSetting": [
        -210,
        94,
        792,
        658,
        134,
        -588,
        -54,
        227
    ],
    "TxRefAmp": 288,
    "PhaseResolution": 1,
    "ReceiveCoilName": "32Ch_Head_7T",
    "PulseSequenceDetails": "%CustomerSeq%_tfl_wip900b17a",
    "PercentPhaseFOV": 100,
    "PhaseEncodingSteps": 164,
    "AcquisitionMatrixPE": 220,
    "ReconMatrixPE": 220,
    "ParallelReductionFactorInPlane": 2,
    "PixelBandwidth": 247,
    "DwellTime": 9.2e-06,
    "ImageOrientationPatientDICOM": [
        0,
        1,
        0,
        0,
        0,
        -1
    ],
    "InPlanePhaseEncodingDirectionDICOM": "ROW",
    "ConversionSoftware": "dcm2niix",
    "ConversionSoftwareVersion": "v1.0.20171215 (OpenJPEG build) GCC7.3.0",
    "Dcm2bidsVersion": "2.1.2"
}