{
    "Modality": "MR",
    "MagneticFieldStrength": 6.98,
    "Manufacturer": "Siemens",
    "ManufacturersModelName": "Investigational_Device_7T",
    "InstitutionName": "BMMR",
    "InstitutionalDepartmentName": "Department",
    "InstitutionAddress": "Brenneckestr._6_Magdeburg_District_DE_39118",
    "DeviceSerialNumber": "18918",
    "StationName": "PCR7T1-15",
    "PatientPosition": "HFS",
    "ProcedureStepDescription": "Arturo_EUFIND",
    "SoftwareVersions": "syngo_MR_B17",
    "MRAcquisitionType": "3D",
    "SeriesDescription": "MPRAGE-ProductSequence_0.65iso",
    "ProtocolName": "MPRAGE-ProductSequence_0.65iso",
    "ScanningSequence": "GR_IR",
    "SequenceVariant": "SP_MP",
    "ScanOptions": "IR_WE",
    "SequenceName": "_tfl3d1_ns",
    "ImageType": [
        "ORIGINAL",
        "PRIMARY",
        "M",
        "ND"
    ],
    "SeriesNumber": 6,
    "AcquisitionTime": "13:47:50.687500",
    "AcquisitionNumber": 1,
    "SliceThickness": 0.65,
    "SAR": 0.0631036,
    "EchoTime": 0.00292,
    "RepetitionTime": 2.5,
    "InversionTime": 1.1,
    "FlipAngle": 7,
    "PartialFourier": 1,
    "BaseResolution": 384,
    "ShimSetting": [
        88,
        -123,
        862,
        396,
        179,
        -524,
        -39,
        104
    ],
    "TxRefAmp": 245,
    "PhaseResolution": 1,
    "ReceiveCoilName": "32Ch_Head_7T",
    "PulseSequenceDetails": "%SiemensSeq%_tfl",
    "PercentPhaseFOV": 90.625,
    "PhaseEncodingSteps": 347,
    "AcquisitionMatrixPE": 348,
    "ReconMatrixPE": 384,
    "ParallelReductionFactorInPlane": 2,
    "PixelBandwidth": 250,
    "DwellTime": 5.2e-06,
    "ImageOrientationPatientDICOM": [
        -0.0210858,
        0.996558,
        -0.0801689,
        0.0150857,
        -0.0798604,
        -0.996692
    ],
    "InPlanePhaseEncodingDirectionDICOM": "ROW",
    "ConversionSoftware": "dcm2niix",
    "ConversionSoftwareVersion": "v1.0.20171215 (OpenJPEG build) GCC7.3.0",
    "Dcm2bidsVersion": "2.1.2"
}