{
	"Modality": "MR",
	"MagneticFieldStrength": 6.98,
	"Manufacturer": "Siemens",
	"ManufacturersModelName": "Investigational_Device_7T",
	"InstitutionName": "BMMR",
	"InstitutionalDepartmentName": "Department",
	"InstitutionAddress": "Brenneckestr._6_Magdeburg_District_DE_39118",
	"DeviceSerialNumber": "18918",
	"StationName": "PCR7T1-15",
	"PatientPosition": "HFS",
	"ProcedureStepDescription": "Luesebrink_SciDatExt",
	"SoftwareVersions": "syngo_MR_B17",
	"MRAcquisitionType": "2D",
	"SeriesDescription": "hm_fg_ep2d_xp_bold_1.8iso_PAT3_MC",
	"ProtocolName": "hm_fg_ep2d_xp_bold_1.8iso_PAT3_MC",
	"ScanningSequence": "EP",
	"SequenceVariant": "SK_SP",
	"ScanOptions": "PFP_FS",
	"SequenceName": "epfid2d1_110",
	"ImageType": ["ORIGINAL", "PRIMARY", "M", "ND", "MOSAIC"],
	"SeriesNumber": 15,
	"AcquisitionTime": "14:14:58.225000",
	"AcquisitionNumber": 1,
	"ImageComments": "Fake_MoCo_Reference_Volume",
	"SliceThickness": 1.8,
	"SpacingBetweenSlices": 1.8,
	"SAR": 0.114307,
	"EchoTime": 0.02,
	"RepetitionTime": 3.1,
	"FlipAngle": 90,
	"PartialFourier": 0.75,
	"BaseResolution": 110,
	"ShimSetting": [
		-22,
		-96,
		799,
		284,
		162,
		653,
		173,
		188	],
	"TxRefAmp": 256,
	"PhaseResolution": 1,
	"ReceiveCoilName": "32Ch_Head_7T",
	"PulseSequenceDetails": "%CustomerSeq%_fg_ep2d_xpace",
	"PercentPhaseFOV": 100,
	"PhaseEncodingSteps": 83,
	"AcquisitionMatrixPE": 110,
	"ReconMatrixPE": 110,
	"BandwidthPerPixelPhaseEncode": 48.701,
	"ParallelReductionFactorInPlane": 3,
	"EffectiveEchoSpacing": 0.000186668,
	"DerivedVendorReportedEchoSpacing": 0.000560003,
	"TotalReadoutTime": 0.0203468,
	"PixelBandwidth": 2273,
	"DwellTime": 2e-06,
	"PhaseEncodingDirection": "j-",
	"SliceTiming": [
		1.5575,
		0,
		1.6025,
		0.045,
		1.6475,
		0.0925,
		1.6925,
		0.1375,
		1.74,
		0.1825,
		1.785,
		0.23,
		1.83,
		0.275,
		1.8775,
		0.32,
		1.9225,
		0.3675,
		1.9675,
		0.4125,
		2.015,
		0.4575,
		2.06,
		0.5025,
		2.105,
		0.55,
		2.15,
		0.595,
		2.1975,
		0.64,
		2.2425,
		0.6875,
		2.2875,
		0.7325,
		2.335,
		0.7775,
		2.38,
		0.825,
		2.425,
		0.87,
		2.4725,
		0.915,
		2.5175,
		0.9625,
		2.5625,
		1.0075,
		2.61,
		1.0525,
		2.655,
		1.0975,
		2.7,
		1.145,
		2.745,
		1.19,
		2.7925,
		1.235,
		2.8375,
		1.2825,
		2.8825,
		1.3275,
		2.93,
		1.3725,
		2.975,
		1.42,
		3.02,
		1.465,
		3.0675,
		1.51	],
	"ImageOrientationPatientDICOM": [
		0.997303,
		0.044034,
		-0.0587229,
		-0.0464715,
		0.998086,
		-0.0408091	],
	"InPlanePhaseEncodingDirectionDICOM": "COL",
	"ConversionSoftware": "dcm2niix",
	"ConversionSoftwareVersion": "v1.0.20171215 (OpenJPEG build) GCC7.3.0"
}
