{
    "Modality": "MR",
    "MagneticFieldStrength": 6.98,
    "Manufacturer": "Siemens",
    "ManufacturersModelName": "Investigational_Device_7T",
    "InstitutionName": "BMMR",
    "InstitutionalDepartmentName": "Department",
    "InstitutionAddress": "Brenneckestr._6_Magdeburg_District_DE_39118",
    "DeviceSerialNumber": "18918",
    "StationName": "PCR7T1-15",
    "PatientPosition": "HFS",
    "ProcedureStepDescription": "Luesebrink_In_vivo",
    "SoftwareVersions": "syngo_MR_B17",
    "MRAcquisitionType": "3D",
    "SeriesDescription": "pd_xpace_0.5iso",
    "ProtocolName": "pd_xpace_0.5iso",
    "ScanningSequence": "GR",
    "SequenceVariant": "SP",
    "SequenceName": "tfl3d1_ns",
    "ImageType": [
        "ORIGINAL",
        "PRIMARY",
        "M",
        "DIS2D"
    ],
    "SeriesNumber": 7,
    "AcquisitionTime": "15:55:27.677500",
    "AcquisitionNumber": 1,
    "SliceThickness": 0.5,
    "SAR": 0.0185575,
    "EchoTime": 0.00286,
    "RepetitionTime": 2.82,
    "FlipAngle": 5,
    "PartialFourier": 1,
    "BaseResolution": 512,
    "ShimSetting": [
        -188,
        10,
        881,
        470,
        210,
        -546,
        40,
        207
    ],
    "TxRefAmp": 268,
    "PhaseResolution": 1,
    "ReceiveCoilName": "32Ch_Head_7T",
    "PulseSequenceDetails": "%CustomerSeq%_ps_tfl_xpace",
    "PercentPhaseFOV": 100,
    "PhaseEncodingSteps": 511,
    "AcquisitionMatrixPE": 512,
    "ReconMatrixPE": 512,
    "ParallelReductionFactorInPlane": 2,
    "PixelBandwidth": 160,
    "DwellTime": 6.1e-06,
    "ImageOrientationPatientDICOM": [
        0,
        1,
        0,
        0,
        0,
        -1
    ],
    "InPlanePhaseEncodingDirectionDICOM": "ROW",
    "ConversionSoftware": "dcm2niix",
    "ConversionSoftwareVersion": "v1.0.20171215 (OpenJPEG build) GCC7.3.0",
    "Dcm2bidsVersion": "2.1.2"
}