{
	"Modality": "MR",
	"MagneticFieldStrength": 6.98,
	"Manufacturer": "Siemens",
	"ManufacturersModelName": "Investigational_Device_7T",
	"InstitutionName": "BMMR",
	"InstitutionalDepartmentName": "Department",
	"InstitutionAddress": "Brenneckestr._6_Magdeburg_District_DE_39118",
	"DeviceSerialNumber": "18918",
	"StationName": "PCR7T1-15",
	"PatientPosition": "HFS",
	"ProcedureStepDescription": "hmattern_ToF",
	"SoftwareVersions": "syngo_MR_B17",
	"MRAcquisitionType": "3D",
	"SeriesDescription": "hm_ToF_0.25iso_FullBrain_ON",
	"ProtocolName": "hm_ToF_0.25iso_FullBrain_ON",
	"ScanningSequence": "GR",
	"SequenceVariant": "TOF_MTC_SP",
	"ScanOptions": "PFP_SAT1_MT",
	"SequenceName": "fl3d1r_t80",
	"ImageType": ["ORIGINAL", "PRIMARY", "M", "ND"],
	"SeriesNumber": 10,
	"AcquisitionTime": "10:53:36.542500",
	"AcquisitionNumber": 1,
	"SliceThickness": 0.25,
	"SpacingBetweenSlices": 18,
	"SAR": 0.151612,
	"EchoTime": 0.00663,
	"RepetitionTime": 0.05,
	"FlipAngle": 25,
	"PartialFourier": 0.75,
	"BaseResolution": 784,
	"ShimSetting": [
		-227,
		201,
		741,
		613,
		48,
		-540,
		-77,
		213	],
	"TxRefAmp": 308,
	"PhaseResolution": 1,
	"ReceiveCoilName": "32Ch_Head_7T",
	"PulseSequenceDetails": "%CustomerSeq%_hm_xpace_fl_tof",
	"PercentPhaseFOV": 75,
	"PhaseEncodingSteps": 469,
	"AcquisitionMatrixPE": 588,
	"ReconMatrixPE": 784,
	"ParallelReductionFactorInPlane": 3,
	"PixelBandwidth": 78,
	"DwellTime": 8.2e-06,
	"ImageOrientationPatientDICOM": [
		1,
		-2.05103e-10,
		0,
		2.05103e-10,
		1,
		0	],
	"InPlanePhaseEncodingDirectionDICOM": "ROW",
	"ConversionSoftware": "dcm2niix",
	"ConversionSoftwareVersion": "v1.0.20171215 (OpenJPEG build) GCC7.3.0"
}
