{
    "Modality": "MR",
    "MagneticFieldStrength": 6.98,
    "Manufacturer": "Siemens",
    "ManufacturersModelName": "Investigational_Device_7T",
    "InstitutionName": "BMMR",
    "InstitutionalDepartmentName": "Department",
    "InstitutionAddress": "Brenneckestr._6_Magdeburg_District_DE_39118",
    "DeviceSerialNumber": "18918",
    "StationName": "PCR7T1-15",
    "PatientPosition": "HFS",
    "ProcedureStepDescription": "Luesebrink_In_vivo",
    "SoftwareVersions": "syngo_MR_B17",
    "MRAcquisitionType": "3D",
    "SeriesDescription": "T1_0.45iso_ON",
    "ProtocolName": "T1_0.45iso_ON",
    "ScanningSequence": "GR",
    "SequenceVariant": "SP",
    "SequenceName": "tfl3d1_ns",
    "ImageType": [
        "ORIGINAL",
        "PRIMARY",
        "M",
        "DIS2D"
    ],
    "SeriesNumber": 5,
    "AcquisitionTime": "16:38:1.100000",
    "AcquisitionNumber": 1,
    "SliceThickness": 0.45,
    "SAR": 0.0172143,
    "EchoTime": 0.00282,
    "RepetitionTime": 2.82,
    "FlipAngle": 5,
    "PartialFourier": 1,
    "BaseResolution": 496,
    "ShimSetting": [
        -166,
        65,
        862,
        495,
        67,
        -394,
        109,
        208
    ],
    "TxRefAmp": 259,
    "PhaseResolution": 1,
    "ReceiveCoilName": "32Ch_Head_7T",
    "PulseSequenceDetails": "%CustomerSeq%_ps_tfl_xpace",
    "PercentPhaseFOV": 100,
    "PhaseEncodingSteps": 495,
    "AcquisitionMatrixPE": 496,
    "ReconMatrixPE": 496,
    "ParallelReductionFactorInPlane": 2,
    "PixelBandwidth": 168,
    "DwellTime": 6e-06,
    "ImageOrientationPatientDICOM": [
        1e-16,
        1,
        0,
        0.0383878,
        -1e-16,
        -0.999263
    ],
    "InPlanePhaseEncodingDirectionDICOM": "ROW",
    "ConversionSoftware": "dcm2niix",
    "ConversionSoftwareVersion": "v1.0.20171215 (OpenJPEG build) GCC7.3.0",
    "Dcm2bidsVersion": "2.1.2"
}