{
    "Modality": "MR",
    "MagneticFieldStrength": 6.98,
    "Manufacturer": "Siemens",
    "ManufacturersModelName": "Investigational_Device_7T",
    "InstitutionName": "BMMR",
    "InstitutionalDepartmentName": "Department",
    "InstitutionAddress": "Brenneckestr._6_Magdeburg_District_DE_39118",
    "DeviceSerialNumber": "18918",
    "StationName": "PCR7T1-15",
    "PatientPosition": "HFS",
    "ProcedureStepDescription": "hmattern_forJulio",
    "SoftwareVersions": "syngo_MR_B17",
    "MRAcquisitionType": "3D",
    "SeriesDescription": "hmT1_ON_0.7iso",
    "ProtocolName": "hmT1_ON_0.7iso",
    "ScanningSequence": "GR_IR",
    "SequenceVariant": "SP_MP",
    "ScanOptions": "IR",
    "SequenceName": "tfl3d1_ns",
    "ImageType": [
        "ORIGINAL",
        "PRIMARY",
        "M",
        "ND"
    ],
    "SeriesNumber": 5,
    "AcquisitionTime": "15:31:11.700000",
    "AcquisitionNumber": 1,
    "SliceThickness": 0.7,
    "SAR": 0.0950697,
    "EchoTime": 0.00306,
    "RepetitionTime": 2.05,
    "InversionTime": 1.05,
    "FlipAngle": 5,
    "PartialFourier": 1,
    "BaseResolution": 320,
    "ShimSetting": [
        -229,
        175,
        733,
        678,
        79,
        -183,
        92,
        265
    ],
    "TxRefAmp": 290,
    "PhaseResolution": 1,
    "ReceiveCoilName": "32Ch_Head_7T",
    "PulseSequenceDetails": "%CustomerSeq%_xpace_tfl",
    "PercentPhaseFOV": 100,
    "PhaseEncodingSteps": 319,
    "AcquisitionMatrixPE": 320,
    "ReconMatrixPE": 320,
    "ParallelReductionFactorInPlane": 2,
    "PixelBandwidth": 130,
    "DwellTime": 1.2e-05,
    "ImageOrientationPatientDICOM": [
        0,
        1,
        0,
        0,
        0,
        -1
    ],
    "InPlanePhaseEncodingDirectionDICOM": "ROW",
    "ConversionSoftware": "dcm2niix",
    "ConversionSoftwareVersion": "v1.0.20171215 (OpenJPEG build) GCC7.3.0",
    "Dcm2bidsVersion": "2.1.2"
}