{
    "Modality": "MR",
    "MagneticFieldStrength": 6.98,
    "Manufacturer": "Siemens",
    "ManufacturersModelName": "Investigational_Device_7T",
    "InstitutionName": "BMMR",
    "InstitutionalDepartmentName": "Department",
    "InstitutionAddress": "Brenneckestr._6_Magdeburg_District_DE_39118",
    "DeviceSerialNumber": "18918",
    "StationName": "PCR7T1-15",
    "PatientPosition": "HFS",
    "SoftwareVersions": "syngo_MR_B17",
    "MRAcquisitionType": "3D",
    "SeriesDescription": "<MPR_Range[1]>",
    "ProtocolName": "mprage_xpace_1iso_250BW",
    "ScanningSequence": "GR_IR",
    "SequenceVariant": "SP_MP",
    "ScanOptions": "IR",
    "SequenceName": "tfl3d1_ns",
    "ImageType": [
        "DERIVED",
        "SECONDARY",
        "MPR",
        "CSA",
        "MPR",
        "CSAPARALLEL",
        "M",
        "ND"
    ],
    "RawImage": false,
    "SeriesNumber": 101,
    "AcquisitionTime": "14:30:16.685000",
    "AcquisitionNumber": 1,
    "SliceThickness": 1,
    "SAR": 0.0686138,
    "EchoTime": 0.00191,
    "RepetitionTime": 2.5,
    "InversionTime": 1.05,
    "FlipAngle": 5,
    "PercentPhaseFOV": 100,
    "PhaseEncodingSteps": 256,
    "AcquisitionMatrixPE": 256,
    "ReconMatrixPE": 256,
    "PixelBandwidth": 250,
    "ImageOrientationPatientDICOM": [
        1,
        0,
        6.12303e-17,
        6.12303e-17,
        6.12303e-17,
        -1
    ],
    "InPlanePhaseEncodingDirectionDICOM": "ROW",
    "ConversionSoftware": "dcm2niix",
    "ConversionSoftwareVersion": "v1.0.20171215 (OpenJPEG build) GCC7.3.0",
    "Dcm2bidsVersion": "2.1.2"
}