{
    "Modality": "MR",
    "MagneticFieldStrength": 6.98,
    "Manufacturer": "Siemens",
    "ManufacturersModelName": "Investigational_Device_7T",
    "InstitutionName": "BMMR",
    "InstitutionalDepartmentName": "Department",
    "InstitutionAddress": "Brenneckestr._6_Magdeburg_District_DE_39118",
    "DeviceSerialNumber": "18918",
    "StationName": "PCR7T1-15",
    "PatientPosition": "HFS",
    "ProcedureStepDescription": "hmattern_SWI",
    "SoftwareVersions": "syngo_MR_B17",
    "MRAcquisitionType": "3D",
    "SeriesDescription": "hmT1_ON_1.0iso",
    "ProtocolName": "hmT1_ON_1.0iso",
    "ScanningSequence": "GR_IR",
    "SequenceVariant": "SP_MP",
    "ScanOptions": "IR",
    "SequenceName": "tfl3d1_ns",
    "ImageType": [
        "ORIGINAL",
        "PRIMARY",
        "M",
        "ND"
    ],
    "SeriesNumber": 5,
    "AcquisitionTime": "16:28:54.917500",
    "AcquisitionNumber": 1,
    "SliceThickness": 1,
    "SAR": 0.094244,
    "EchoTime": 0.00292,
    "RepetitionTime": 2,
    "InversionTime": 1.05,
    "FlipAngle": 5,
    "PartialFourier": 1,
    "BaseResolution": 224,
    "ShimSetting": [
        -220,
        111,
        804,
        590,
        -88,
        -606,
        1,
        360
    ],
    "TxRefAmp": 289,
    "PhaseResolution": 1,
    "ReceiveCoilName": "32Ch_Head_7T",
    "PulseSequenceDetails": "%CustomerSeq%_xpace_tfl",
    "PercentPhaseFOV": 100,
    "PhaseEncodingSteps": 223,
    "AcquisitionMatrixPE": 224,
    "ReconMatrixPE": 224,
    "ParallelReductionFactorInPlane": 2,
    "PixelBandwidth": 131,
    "DwellTime": 1.71e-05,
    "ImageOrientationPatientDICOM": [
        0,
        1,
        0,
        0,
        0,
        -1
    ],
    "InPlanePhaseEncodingDirectionDICOM": "ROW",
    "ConversionSoftware": "dcm2niix",
    "ConversionSoftwareVersion": "v1.0.20171215 (OpenJPEG build) GCC7.3.0",
    "Dcm2bidsVersion": "2.1.2"
}