{
    "Modality": "MR",
    "MagneticFieldStrength": 6.98,
    "Manufacturer": "Siemens",
    "ManufacturersModelName": "Investigational_Device_7T",
    "InstitutionName": "LIN",
    "InstitutionalDepartmentName": "Department",
    "InstitutionAddress": "Brenneckestr._6_Magdeburg_District_DE_39118",
    "DeviceSerialNumber": "18918",
    "StationName": "PCR7T1-15",
    "PatientPosition": "HFS",
    "ProcedureStepDescription": "Studies_Andre_Brechmann",
    "SoftwareVersions": "syngo_MR_B17",
    "MRAcquisitionType": "3D",
    "SeriesDescription": "fg_MPRAGE1.0iso_neu_ND",
    "ProtocolName": "fg_MPRAGE1.0iso_neu",
    "ScanningSequence": "GR_IR",
    "SequenceVariant": "SP_MP",
    "ScanOptions": "IR_PFP",
    "SequenceName": "tfl3d1_ns",
    "ImageType": [
        "ORIGINAL",
        "PRIMARY",
        "M",
        "ND"
    ],
    "SeriesNumber": 18,
    "AcquisitionTime": "11:43:56.737500",
    "AcquisitionNumber": 1,
    "ImageComments": "smoothed_image",
    "SliceThickness": 1,
    "SAR": 0.132355,
    "EchoTime": 0.00254,
    "RepetitionTime": 1.7,
    "InversionTime": 1.05,
    "FlipAngle": 5,
    "PartialFourier": 0.875,
    "BaseResolution": 256,
    "ShimSetting": [
        230,
        -156,
        777,
        -21,
        -137,
        -556,
        445,
        453
    ],
    "TxRefAmp": 262,
    "PhaseResolution": 1,
    "ReceiveCoilName": "32Ch_Head_7T",
    "PulseSequenceDetails": "%CustomerSeq%_fg_tfl_20170104",
    "PercentPhaseFOV": 100,
    "PhaseEncodingSteps": 223,
    "AcquisitionMatrixPE": 256,
    "ReconMatrixPE": 256,
    "ParallelReductionFactorInPlane": 2,
    "PixelBandwidth": 160,
    "DwellTime": 1.22e-05,
    "ImageOrientationPatientDICOM": [
        -0.0557353,
        0.995217,
        -0.0802341,
        -0.0352079,
        -0.082268,
        -0.995988
    ],
    "InPlanePhaseEncodingDirectionDICOM": "ROW",
    "ConversionSoftware": "dcm2niix",
    "ConversionSoftwareVersion": "v1.0.20171215 (OpenJPEG build) GCC7.3.0",
    "Dcm2bidsVersion": "2.1.2"
}