{
    "Modality": "MR",
    "MagneticFieldStrength": 6.98,
    "Manufacturer": "Siemens",
    "ManufacturersModelName": "Investigational_Device_7T",
    "InstitutionName": "LIN",
    "InstitutionalDepartmentName": "Department",
    "InstitutionAddress": "Brenneckestr._6_Magdeburg_District_DE_39118",
    "DeviceSerialNumber": "18918",
    "StationName": "PCR7T1-15",
    "PatientPosition": "HFS",
    "SoftwareVersions": "syngo_MR_B17",
    "MRAcquisitionType": "3D",
    "SeriesDescription": "ax_1mm",
    "ProtocolName": "fg_MPRAGE0.8iso",
    "ScanningSequence": "GR_IR",
    "SequenceVariant": "SP_MP",
    "ScanOptions": "IR_PFP",
    "SequenceName": "tfl3d1_ns",
    "ImageType": [
        "DERIVED",
        "SECONDARY",
        "MPR",
        "CSA",
        "MPR",
        "THICK",
        "M",
        "ND"
    ],
    "RawImage": false,
    "SeriesNumber": 104,
    "AcquisitionTime": "12:11:35.727500",
    "AcquisitionNumber": 1,
    "ImageComments": "smoothed_image",
    "SliceThickness": 1,
    "SAR": 0.0791625,
    "EchoTime": 0.00273,
    "RepetitionTime": 2.3,
    "InversionTime": 1.05,
    "FlipAngle": 5,
    "PercentPhaseFOV": 100,
    "PhaseEncodingSteps": 279,
    "AcquisitionMatrixPE": 320,
    "ReconMatrixPE": 320,
    "PixelBandwidth": 150,
    "ImageOrientationPatientDICOM": [
        0.995722,
        0.0544395,
        -0.0746627,
        -0.0591015,
        0.996342,
        -0.0617209
    ],
    "InPlanePhaseEncodingDirectionDICOM": "ROW",
    "ConversionSoftware": "dcm2niix",
    "ConversionSoftwareVersion": "v1.0.20171215 (OpenJPEG build) GCC7.3.0",
    "Dcm2bidsVersion": "2.1.2"
}