{
    "Modality": "MR",
    "MagneticFieldStrength": 6.98,
    "Manufacturer": "Siemens",
    "ManufacturersModelName": "Investigational_Device_7T",
    "InstitutionName": "LIN",
    "InstitutionalDepartmentName": "Department",
    "InstitutionAddress": "Brenneckestr._6_Magdeburg_District_DE_39118",
    "DeviceSerialNumber": "18918",
    "StationName": "PCR7T1-15",
    "PatientPosition": "HFS",
    "SoftwareVersions": "syngo_MR_B17",
    "MRAcquisitionType": "3D",
    "SeriesDescription": "ax_1mm",
    "ProtocolName": "t1_mprage1.0iso",
    "ScanningSequence": "GR_IR",
    "SequenceVariant": "SP_MP",
    "ScanOptions": "IR_PFP",
    "SequenceName": "tfl3d1_ns",
    "ImageType": [
        "DERIVED",
        "SECONDARY",
        "MPR",
        "CSA",
        "MPR",
        "CSAPARALLEL",
        "M",
        "DIS2D"
    ],
    "RawImage": false,
    "SeriesNumber": 100,
    "AcquisitionTime": "11:45:24.085000",
    "AcquisitionNumber": 1,
    "SliceThickness": 1,
    "SAR": 0.0712358,
    "EchoTime": 0.00201,
    "RepetitionTime": 1.7,
    "InversionTime": 1.05,
    "FlipAngle": 5,
    "PercentPhaseFOV": 100,
    "PhaseEncodingSteps": 223,
    "AcquisitionMatrixPE": 256,
    "ReconMatrixPE": 256,
    "PixelBandwidth": 230,
    "ImageOrientationPatientDICOM": [
        1,
        -6.12303e-17,
        0,
        6.12303e-17,
        1,
        0
    ],
    "InPlanePhaseEncodingDirectionDICOM": "ROW",
    "ConversionSoftware": "dcm2niix",
    "ConversionSoftwareVersion": "v1.0.20171215 (OpenJPEG build) GCC7.3.0",
    "Dcm2bidsVersion": "2.1.2"
}