{
    "Modality": "MR",
    "MagneticFieldStrength": 6.98,
    "Manufacturer": "Siemens",
    "ManufacturersModelName": "Investigational_Device_7T",
    "InstitutionName": "BMMR",
    "InstitutionalDepartmentName": "Department",
    "InstitutionAddress": "Brenneckestr._6_Magdeburg_District_DE_39118",
    "DeviceSerialNumber": "18918",
    "StationName": "PCR7T1-15",
    "PatientPosition": "HFS",
    "ProcedureStepDescription": "hmattern_Stuff",
    "SoftwareVersions": "syngo_MR_B17",
    "MRAcquisitionType": "3D",
    "SeriesDescription": "hmT10.7iso_FA1_2_UseCreate",
    "ProtocolName": "hmT10.7iso_FA1_2_UseCreate",
    "ScanningSequence": "GR_IR",
    "SequenceVariant": "SP_MP",
    "ScanOptions": "IR",
    "SequenceName": "tfl3d1_ns",
    "ImageType": [
        "ORIGINAL",
        "PRIMARY",
        "M",
        "ND"
    ],
    "SeriesNumber": 11,
    "AcquisitionTime": "13:54:27.757500",
    "AcquisitionNumber": 1,
    "SliceThickness": 0.7,
    "SAR": 0.0594506,
    "EchoTime": 0.00306,
    "RepetitionTime": 2.5,
    "InversionTime": 1.05,
    "FlipAngle": 1,
    "PartialFourier": 1,
    "BaseResolution": 320,
    "ShimSetting": [
        124,
        -192,
        1032,
        453,
        230,
        -444,
        316,
        129
    ],
    "TxRefAmp": 284,
    "PhaseResolution": 1,
    "ReceiveCoilName": "32Ch_Head_7T",
    "PulseSequenceDetails": "%CustomerSeq%_xpace_tfl_20170101",
    "PercentPhaseFOV": 100,
    "PhaseEncodingSteps": 320,
    "AcquisitionMatrixPE": 320,
    "ReconMatrixPE": 320,
    "PixelBandwidth": 130,
    "DwellTime": 1.2e-05,
    "ImageOrientationPatientDICOM": [
        -0.00191159,
        0.999358,
        -0.03577,
        -0.00823611,
        -0.0357846,
        -0.999326
    ],
    "InPlanePhaseEncodingDirectionDICOM": "ROW",
    "ConversionSoftware": "dcm2niix",
    "ConversionSoftwareVersion": "v1.0.20171215 (OpenJPEG build) GCC7.3.0",
    "Dcm2bidsVersion": "2.1.2"
}